PATH
  remote: .
  specs:
    xpath (0.1.4)
      nokogiri (~> 1.3)

GEM
  remote: http://rubygems.org/
  specs:
    diff-lcs (1.1.2)
    nokogiri (1.4.3.1)
    rspec (2.5.0)
      rspec-core (~> 2.5.0)
      rspec-expectations (~> 2.5.0)
      rspec-mocks (~> 2.5.0)
    rspec-core (2.5.1)
    rspec-expectations (2.5.0)
      diff-lcs (~> 1.1.2)
    rspec-mocks (2.5.0)
    yard (0.5.8)

PLATFORMS
  ruby

DEPENDENCIES
  rspec (~> 2.0)
  xpath!
  yard (>= 0.5.8)
